GIT
  remote: https://github.com/ruby-debug/debase.git
  revision: a90f2270351ae0f48370d60809ecd82d6110c85c
  tag: v0.2.5.beta2
  specs:
    debase (0.2.5.beta2)
      debase-ruby_core_source (>= 0.10.12)

PATH
  remote: .
  specs:
    vp-interface (1)

GEM
  remote: https://rubygems.org/
  specs:
    actionpack (7.0.3.1)
      actionview (= 7.0.3.1)
      activesupport (= 7.0.3.1)
      rack (~> 2.0, >= 2.2.0)
      rack-test (>= 0.6.3)
      rails-dom-testing (~> 2.0)
      rails-html-sanitizer (~> 1.0, >= 1.2.0)
    actionview (7.0.3.1)
      activesupport (= 7.0.3.1)
      builder (~> 3.1)
      erubi (~> 1.4)
      rails-dom-testing (~> 2.0)
      rails-html-sanitizer (~> 1.1, >= 1.2.0)
    activesupport (7.0.3.1)
      concurrent-ruby (~> 1.0, >= 1.0.2)
      i18n (>= 1.6, < 2)
      minitest (>= 5.1)
      tzinfo (~> 2.0)
    addressable (2.8.4)
      public_suffix (>= 2.0.2, < 6.0)
    ast (2.4.2)
    base64 (0.2.0)
    bcp47 (0.3.3)
      i18n
    bcp47_spec (0.2.1)
    bcrypt (3.1.19)
    bond (0.5.1)
    builder (3.2.4)
    capybara (3.39.2)
      addressable
      matrix
      mini_mime (>= 0.1.3)
      nokogiri (~> 1.8)
      rack (>= 1.6.0)
      rack-test (>= 0.6.3)
      regexp_parser (>= 1.5, < 3.0)
      xpath (~> 3.2)
    cgi (0.4.1)
    coderay (1.1.3)
    commonmarker (1.1.5-x86_64-linux)
    concurrent-ruby (1.2.2)
    connection_pool (2.4.1)
    crass (1.0.6)
    csv (3.2.8)
    daemons (1.4.1)
    debase-ruby_core_source (3.2.1)
    diff-lcs (1.5.0)
    domain_name (0.5.20190701)
      unf (>= 0.0.5, < 1.0.0)
    dpop (0.1.3)
      activesupport
      jwt
      openssl
    ebnf (2.3.5)
      htmlentities (~> 4.3)
      rdf (~> 3.2)
      scanf (~> 1.0)
      sxp (~> 1.2)
      unicode-types (~> 1.8)
    erb (4.0.4)
      cgi (>= 0.3.3)
    erubi (1.13.0)
    eventmachine (1.2.7)
    faraday (2.7.10)
      faraday-net_http (>= 2.0, < 3.1)
      ruby2_keywords (>= 0.0.4)
    faraday-cookie_jar (0.0.7)
      faraday (>= 0.8.0)
      http-cookie (~> 1.0.0)
    faraday-encoding (0.0.5)
      faraday
    faraday-follow_redirects (0.3.0)
      faraday (>= 1, < 3)
    faraday-gzip (1.0.0)
      faraday (>= 1.0)
      zlib (~> 2.1)
    faraday-http-cache (2.5.0)
      faraday (>= 0.8)
    faraday-net_http (3.0.2)
    faraday-retry (2.2.0)
      faraday (~> 2.0)
    fastimage (2.2.7)
    ffi (1.15.5)
    fileutils (1.5.0)
    haml (6.1.1)
      temple (>= 0.8.2)
      thor
      tilt
    hamster (3.0.0)
      concurrent-ruby (~> 1.0)
    htmlentities (4.3.4)
    http-accept (1.7.0)
    http-cookie (1.0.5)
      domain_name (~> 0.5)
    i18n (1.14.1)
      concurrent-ruby (~> 1.0)
    json (2.7.1)
    json-canonicalization (1.0.0)
    json-ld (3.3.1)
      htmlentities (~> 4.3)
      json-canonicalization (~> 1.0)
      link_header (~> 0.0, >= 0.0.8)
      multi_json (~> 1.15)
      rack (>= 2.2, < 4)
      rdf (~> 3.3)
    json-ld-preloaded (3.2.2)
      json-ld (~> 3.2)
      rdf (~> 3.2)
    jwt (2.8.1)
      base64
    language_server-protocol (3.17.0.3)
    ld-patch (3.2.2)
      ebnf (~> 2.3)
      rdf (~> 3.2)
      rdf-xsd (~> 3.2)
      sparql (~> 3.2)
      sxp (~> 1.2)
    link_header (0.0.8)
    linkeddata (3.2.2)
      json-ld (~> 3.2, >= 3.2.5)
      json-ld-preloaded (~> 3.2, >= 3.2.2)
      ld-patch (~> 3.2, >= 3.2.2)
      nokogiri (~> 1.13, >= 1.13.8)
      rdf (~> 3.2, >= 3.2.1)
      rdf-aggregate-repo (~> 3.2, >= 3.2.1)
      rdf-hamster-repo (~> 3.2, >= 3.2.1)
      rdf-isomorphic (~> 3.2, >= 3.2.1)
      rdf-json (~> 3.2)
      rdf-microdata (~> 3.2, >= 3.2.1)
      rdf-n3 (~> 3.2, >= 3.2.1)
      rdf-normalize (~> 0.6, >= 0.6.1)
      rdf-ordered-repo (~> 3.2, >= 3.2.1)
      rdf-rdfa (~> 3.2, >= 3.2.3)
      rdf-rdfxml (~> 3.2, >= 3.2.2)
      rdf-reasoner (~> 0.8)
      rdf-tabular (~> 3.2, >= 3.2.1)
      rdf-trig (~> 3.2)
      rdf-trix (~> 3.2)
      rdf-turtle (~> 3.2, >= 3.2.1)
      rdf-vocab (~> 3.2, >= 3.2.7)
      rdf-xsd (~> 3.2, >= 3.2.1)
      shacl (~> 0.3)
      shex (~> 0.7, >= 0.7.1)
      sparql (~> 3.2, >= 3.2.6)
      sparql-client (~> 3.2, >= 3.2.2)
      yaml-ld (~> 0.0)
    logger (1.5.3)
    loofah (2.22.0)
      crass (~> 1.0.2)
      nokogiri (>= 1.12.0)
    matrix (0.4.2)
    metainspector (5.15.0)
      addressable (~> 2.8.4)
      faraday (~> 2.5)
      faraday-cookie_jar (~> 0.0)
      faraday-encoding (~> 0.0)
      faraday-follow_redirects (~> 0.3)
      faraday-gzip (>= 0.1, < 2.0)
      faraday-http-cache (~> 2.5)
      faraday-retry (~> 2.0)
      fastimage (~> 2.2)
      nesty (~> 1.0)
      nokogiri (~> 1.13)
    method_source (1.0.0)
    mime-types (3.4.1)
      mime-types-data (~> 3.2015)
    mime-types-data (3.2023.0218.1)
    mini_mime (1.1.2)
    mini_portile2 (2.8.7)
    minitest (5.23.1)
    multi_json (1.15.0)
    mustermann (2.0.2)
      ruby2_keywords (~> 0.0.1)
    nesty (1.0.2)
    net-http-persistent (4.0.2)
      connection_pool (~> 2.2)
    netrc (0.11.0)
    nokogiri (1.15.3)
      mini_portile2 (~> 2.8.2)
      racc (~> 1.4)
    openapi3_parser (0.10.0)
      commonmarker (>= 1.0)
    openssl (3.2.0)
    parallel (1.23.0)
    parseconfig (1.1.2)
    parser (3.2.2.3)
      ast (~> 2.4.1)
      racc
    pry (0.14.2)
      coderay (~> 1.1)
      method_source (~> 1.0)
    psych (5.1.0)
      stringio
    public_suffix (5.0.3)
    racc (1.7.1)
    rack (2.2.7)
    rack-protection (2.2.4)
      rack
    rack-test (2.1.0)
      rack (>= 1.3)
    rails-dom-testing (2.2.0)
      activesupport (>= 5.0.0)
      minitest
      nokogiri (>= 1.6)
    rails-html-sanitizer (1.6.0)
      loofah (~> 2.21)
      nokogiri (~> 1.14)
    rainbow (3.1.1)
    rake (13.0.6)
    rdf (3.3.1)
      bcp47_spec (~> 0.2)
      link_header (~> 0.0, >= 0.0.8)
    rdf-aggregate-repo (3.2.1)
      rdf (~> 3.2)
    rdf-hamster-repo (3.3.0)
      hamster (~> 3.0)
      rdf (~> 3.3)
    rdf-isomorphic (3.2.1)
      rdf (~> 3.2)
    rdf-json (3.2.0)
      rdf (~> 3.2)
    rdf-microdata (3.2.1)
      htmlentities (~> 4.3)
      nokogiri (~> 1.13)
      rdf (~> 3.2)
      rdf-rdfa (~> 3.2)
      rdf-xsd (~> 3.2)
    rdf-n3 (3.2.1)
      ebnf (~> 2.2)
      rdf (~> 3.2)
      sparql (~> 3.2)
      sxp (~> 1.2)
    rdf-normalize (0.6.1)
      rdf (~> 3.2)
    rdf-ordered-repo (3.2.1)
      rdf (~> 3.2, >= 3.2.1)
    rdf-raptor (3.1.0)
      ffi (~> 1.11)
      rdf (~> 3.1)
    rdf-rdfa (3.2.3)
      haml (>= 5.2, < 7)
      htmlentities (~> 4.3)
      rdf (~> 3.2)
      rdf-aggregate-repo (~> 3.2)
      rdf-vocab (~> 3.2)
      rdf-xsd (~> 3.2)
    rdf-rdfxml (3.2.2)
      builder (~> 3.2)
      htmlentities (~> 4.3)
      rdf (~> 3.2)
      rdf-xsd (~> 3.2)
    rdf-reasoner (0.8.0)
      rdf (~> 3.2)
      rdf-xsd (~> 3.2)
    rdf-tabular (3.2.1)
      addressable (~> 2.8)
      bcp47 (~> 0.3, >= 0.3.3)
      json-ld (~> 3.2)
      rdf (~> 3.2, >= 3.2.7)
      rdf-vocab (~> 3.2)
      rdf-xsd (~> 3.2)
    rdf-trig (3.2.0)
      ebnf (~> 2.2)
      rdf (~> 3.2)
      rdf-turtle (~> 3.2)
    rdf-trix (3.2.0)
      rdf (~> 3.2)
      rdf-xsd (~> 3.2)
    rdf-turtle (3.2.1)
      ebnf (~> 2.3)
      rdf (~> 3.2)
    rdf-vocab (3.3.0)
      rdf (~> 3.3)
    rdf-xsd (3.2.1)
      rdf (~> 3.2)
      rexml (~> 3.2)
    regexp_parser (2.8.1)
    require_all (3.0.0)
    rest-client (2.1.0)
      http-accept (>= 1.7.0, < 2.0)
      http-cookie (>= 1.0.2, < 2.0)
      mime-types (>= 1.16, < 4.0)
      netrc (~> 0.8)
    rexml (3.2.5)
    ripl (0.7.1)
      bond (~> 0.5.1)
    ripl-multi_line (0.3.1)
      ripl (>= 0.3.6)
    ripl-rack (0.2.0)
      rack (>= 1.0)
      rack-test (>= 0.5)
      ripl (>= 0.3.5)
    rspec (3.11.0)
      rspec-core (~> 3.11.0)
      rspec-expectations (~> 3.11.0)
      rspec-mocks (~> 3.11.0)
    rspec-core (3.11.0)
      rspec-support (~> 3.11.0)
    rspec-expectations (3.11.1)
      diff-lcs (>= 1.2.0, < 2.0)
      rspec-support (~> 3.11.0)
    rspec-mocks (3.11.2)
      diff-lcs (>= 1.2.0, < 2.0)
      rspec-support (~> 3.11.0)
    rspec-openapi (0.18.3)
      actionpack (>= 5.2.0)
      rails-dom-testing
      rspec-core
    rspec-support (3.11.1)
    rubocop (1.54.2)
      json (~> 2.3)
      language_server-protocol (>= 3.17.0)
      parallel (~> 1.10)
      parser (>= 3.2.2.3)
      rainbow (>= 2.2.2, < 4.0)
      regexp_parser (>= 1.8, < 3.0)
      rexml (>= 3.2.5, < 4.0)
      rubocop-ast (>= 1.28.0, < 2.0)
      ruby-progressbar (~> 1.7)
      unicode-display_width (>= 2.4.0, < 3.0)
    rubocop-ast (1.29.0)
      parser (>= 3.2.1.0)
    ruby-debug-ide (0.7.3)
      rake (>= 0.8.1)
    ruby-progressbar (1.13.0)
    ruby2_keywords (0.0.5)
    scanf (1.0.0)
    securerandom (0.3.1)
    shacl (0.3.0)
      json-ld (~> 3.2)
      rdf (~> 3.2, >= 3.2.8)
      sparql (~> 3.2, >= 3.2.4)
      sxp (~> 1.2)
    shex (0.7.1)
      ebnf (~> 2.2)
      htmlentities (~> 4.3)
      json-ld (~> 3.2)
      json-ld-preloaded (~> 3.2)
      rdf (~> 3.2)
      rdf-xsd (~> 3.2)
      sparql (~> 3.2)
      sxp (~> 1.2)
    shotgun (0.9.2)
      rack (>= 1.0)
    sinatra (2.2.4)
      mustermann (~> 2.0)
      rack (~> 2.2)
      rack-protection (= 2.2.4)
      tilt (~> 2.0)
    sinatra-cross_origin (0.4.0)
    sinatra-respond_to (0.4.0)
      sinatra (>= 0.9.4)
    sparql (3.2.6)
      builder (~> 3.2, >= 3.2.4)
      ebnf (~> 2.3, >= 2.3.5)
      logger (~> 1.5)
      rdf (~> 3.2, >= 3.2.11)
      rdf-aggregate-repo (~> 3.2, >= 3.2.1)
      rdf-xsd (~> 3.2)
      sparql-client (~> 3.2, >= 3.2.2)
      sxp (~> 1.2, >= 1.2.4)
    sparql-client (3.2.2)
      net-http-persistent (~> 4.0, >= 4.0.2)
      rdf (~> 3.2, >= 3.2.11)
    stringio (3.0.7)
    swagger-blocks (3.0.0)
    sxp (1.2.4)
      matrix (~> 0.4)
      rdf (~> 3.2)
    tempfile (0.2.1)
    temple (0.10.2)
    thin (1.8.2)
      daemons (~> 1.0, >= 1.0.9)
      eventmachine (~> 1.0, >= 1.0.4)
      rack (>= 1, < 3)
    thor (1.2.2)
    tilt (2.2.0)
    tux (0.3.0)
      ripl (>= 0.3.5)
      ripl-multi_line (>= 0.2.4)
      ripl-rack (>= 0.2.0)
      sinatra (>= 1.2.1)
    tzinfo (2.0.6)
      concurrent-ruby (~> 1.0)
    unf (0.1.4)
      unf_ext
    unf_ext (0.0.8.2)
    unicode-display_width (2.4.2)
    unicode-types (1.8.0)
    xml-simple (1.1.9)
      rexml
    xpath (3.2.0)
      nokogiri (~> 1.8)
    yaml-ld (0.0.2)
      json-ld (~> 3.2, >= 3.2.3)
      psych (>= 3.3)
      rdf (~> 3.2, >= 3.2.9)
      rdf-xsd (~> 3.2)
    zlib (2.1.1)

PLATFORMS
  x86_64-linux

DEPENDENCIES
  activesupport (~> 7.0.3.1)
  bcrypt
  capybara
  cgi (~> 0.4.1)
  csv
  debase!
  dpop (~> 0.1.3)
  erb (~> 4.0)
  fileutils (~> 1.5.0)
  json (~> 2.7.1)
  json-canonicalization (~> 1.0.0)
  jwt (~> 2.8)
  linkeddata (~> 3.2.0)
  metainspector (~> 5.pre.11.pre.2)
  openapi3_parser (~> 0.10.0)
  parseconfig (~> 1.1.2)
  pry
  rack-test
  rake (~> 13.0)
  rdf-raptor (~> 3.1.0)
  require_all
  rest-client (~> 2.1.0)
  rspec (~> 3.11.0)
  rspec-core (~> 3.11)
  rspec-openapi (~> 0.18.3)
  rubocop
  ruby-debug-ide
  securerandom
  shotgun
  sinatra (~> 2.2)
  sinatra-cross_origin
  sinatra-respond_to (~> 0.4.0)
  swagger-blocks (~> 3.0.0)
  tempfile
  thin
  tux
  vp-interface!
  xml-simple (~> 1.1.8)

RUBY VERSION
   ruby 3.3.0p0

BUNDLED WITH
   2.3.23
